Brain Vision Data Exchange Header File Version 1.0
; Data created by the Vision Recorder

[Common Infos]
Codepage=UTF-8
DataFile=1041.eeg
MarkerFile=1041.vmrk
DataFormat=BINARY
; Data orientation: MULTIPLEXED=ch1,pt1, ch2,pt1 ...
DataOrientation=MULTIPLEXED
NumberOfChannels=64
; Sampling interval in microseconds
SamplingInterval=2000

[Binary Infos]
BinaryFormat=INT_16

[Channel Infos]
; Each entry: Ch<Channel number>=<Name>,<Reference channel name>,
; <Resolution in "Unit">,<Unit>, Future extensions..
; Fields are delimited by commas, some fields might be omitted (empty).
; Commas in channel names are coded as "\1".
Ch1=Fp1,,0.1,µV
Ch2=Fpz,,0.1,µV
Ch3=Fp2,,0.1,µV
Ch4=AF3,,0.1,µV
Ch5=AFz,,0.1,µV
Ch6=AF4,,0.1,µV
Ch7=F7,,0.1,µV
Ch8=F5,,0.1,µV
Ch9=F3,,0.1,µV
Ch10=F1,,0.1,µV
Ch11=Fz,,0.1,µV
Ch12=F2,,0.1,µV
Ch13=F4,,0.1,µV
Ch14=F6,,0.1,µV
Ch15=F8,,0.1,µV
Ch16=FT9,,0.1,µV
Ch17=FT7,,0.1,µV
Ch18=FC5,,0.1,µV
Ch19=FC3,,0.1,µV
Ch20=FC1,,0.1,µV
Ch21=FCz,,0.1,µV
Ch22=FC2,,0.1,µV
Ch23=FC4,,0.1,µV
Ch24=FC6,,0.1,µV
Ch25=FT8,,0.1,µV
Ch26=FT10,,0.1,µV
Ch27=T7,,0.1,µV
Ch28=C5,,0.1,µV
Ch29=C3,,0.1,µV
Ch30=C1,,0.1,µV
Ch31=C2,,0.1,µV
Ch32=C4,,0.1,µV
Ch33=C6,,0.1,µV
Ch34=T8,,0.1,µV
Ch35=TP9,,0.1,µV
Ch36=TP7,,0.1,µV
Ch37=CP5,,0.1,µV
Ch38=CP3,,0.1,µV
Ch39=CP1,,0.1,µV
Ch40=CPz,,0.1,µV
Ch41=CP2,,0.1,µV
Ch42=CP4,,0.1,µV
Ch43=CP6,,0.1,µV
Ch44=TP8,,0.1,µV
Ch45=TP10,,0.1,µV
Ch46=P7,,0.1,µV
Ch47=P5,,0.1,µV
Ch48=P3,,0.1,µV
Ch49=P1,,0.1,µV
Ch50=Pz,,0.1,µV
Ch51=P2,,0.1,µV
Ch52=P4,,0.1,µV
Ch53=P6,,0.1,µV
Ch54=P8,,0.1,µV
Ch55=PO3,,0.1,µV
Ch56=POz,,0.1,µV
Ch57=PO4,,0.1,µV
Ch58=O1,,0.1,µV
Ch59=Oz,,0.1,µV
Ch60=O2,,0.1,µV
Ch61=LO1,,0.1,µV
Ch62=IO1,,0.1,µV
Ch63=IO2,,0.1,µV
Ch64=LO2,,0.1,µV

[Comment]

BrainVision Recorder Professional   -   V. 1.20.0601


A m p l i f i e r  S e t u p
============================
Number of channels: 64
Sampling Rate [Hz]: 500
Sampling Interval [µS]: 2000

Channels
--------
#     Name      Phys. Chn.    Resolution / Unit   Low Cutoff [s]   High Cutoff [Hz]   Notch [Hz]    Series Res. [kOhm] Gradient         Offset
1     Fp1         1                0.1 µV             10             1000              Off                0                 
2     Fpz         2                0.1 µV             10             1000              Off                0                 
3     Fp2         3                0.1 µV             10             1000              Off                0                 
4     AF3         4                0.1 µV             10             1000              Off                0                 
5     AFz         5                0.1 µV             10             1000              Off                0                 
6     AF4         6                0.1 µV             10             1000              Off                0                 
7     F7          7                0.1 µV             10             1000              Off                0                 
8     F5          8                0.1 µV             10             1000              Off                0                 
9     F3          9                0.1 µV             10             1000              Off                0                 
10    F1          10               0.1 µV             10             1000              Off                0                 
11    Fz          11               0.1 µV             10             1000              Off                0                 
12    F2          12               0.1 µV             10             1000              Off                0                 
13    F4          13               0.1 µV             10             1000              Off                0                 
14    F6          14               0.1 µV             10             1000              Off                0                 
15    F8          15               0.1 µV             10             1000              Off                0                 
16    FT9         16               0.1 µV             10             1000              Off                0                 
17    FT7         17               0.1 µV             10             1000              Off                0                 
18    FC5         18               0.1 µV             10             1000              Off                0                 
19    FC3         19               0.1 µV             10             1000              Off                0                 
20    FC1         20               0.1 µV             10             1000              Off                0                 
21    FCz         21               0.1 µV             10             1000              Off                0                 
22    FC2         22               0.1 µV             10             1000              Off                0                 
23    FC4         23               0.1 µV             10             1000              Off                0                 
24    FC6         24               0.1 µV             10             1000              Off                0                 
25    FT8         25               0.1 µV             10             1000              Off                0                 
26    FT10        26               0.1 µV             10             1000              Off                0                 
27    T7          27               0.1 µV             10             1000              Off                0                 
28    C5          28               0.1 µV             10             1000              Off                0                 
29    C3          29               0.1 µV             10             1000              Off                0                 
30    C1          30               0.1 µV             10             1000              Off                0                 
31    C2          31               0.1 µV             10             1000              Off                0                 
32    C4          32               0.1 µV             10             1000              Off                0                 
33    C6          33               0.1 µV             10             1000              Off                0                 
34    T8          34               0.1 µV             10             1000              Off                0                 
35    TP9         35               0.1 µV             10             1000              Off                0                 
36    TP7         36               0.1 µV             10             1000              Off                0                 
37    CP5         37               0.1 µV             10             1000              Off                0                 
38    CP3         38               0.1 µV             10             1000              Off                0                 
39    CP1         39               0.1 µV             10             1000              Off                0                 
40    CPz         40               0.1 µV             10             1000              Off                0                 
41    CP2         41               0.1 µV             10             1000              Off                0                 
42    CP4         42               0.1 µV             10             1000              Off                0                 
43    CP6         43               0.1 µV             10             1000              Off                0                 
44    TP8         44               0.1 µV             10             1000              Off                0                 
45    TP10        45               0.1 µV             10             1000              Off                0                 
46    P7          46               0.1 µV             10             1000              Off                0                 
47    P5          47               0.1 µV             10             1000              Off                0                 
48    P3          48               0.1 µV             10             1000              Off                0                 
49    P1          49               0.1 µV             10             1000              Off                0                 
50    Pz          50               0.1 µV             10             1000              Off                0                 
51    P2          51               0.1 µV             10             1000              Off                0                 
52    P4          52               0.1 µV             10             1000              Off                0                 
53    P6          53               0.1 µV             10             1000              Off                0                 
54    P8          54               0.1 µV             10             1000              Off                0                 
55    PO3         55               0.1 µV             10             1000              Off                0                 
56    POz         56               0.1 µV             10             1000              Off                0                 
57    PO4         57               0.1 µV             10             1000              Off                0                 
58    O1          58               0.1 µV             10             1000              Off                0                 
59    Oz          59               0.1 µV             10             1000              Off                0                 
60    O2          60               0.1 µV             10             1000              Off                0                 
61    LO1         61               0.1 µV             10             1000              Off                0                 
62    IO1         62               0.1 µV             10             1000              Off                0                 
63    IO2         63               0.1 µV             10             1000              Off                0                 
64    LO2         64               0.1 µV             10             1000              Off                0                 

S o f t w a r e  F i l t e r s
==============================
Disabled


Data Electrodes Selected Impedance Measurement Range: 0 - 10 kOhm
Ground Electrode Selected Impedance Measurement Range: 0 - 10 kOhm
Reference Electrode Selected Impedance Measurement Range: 0 - 10 kOhm
Impedance [kOhm] at 18:23:19 :
Fp1:          3
Fpz:          3
Fp2:          0
AF3:          2
AFz:          2
AF4:          2
F7:           3
F5:           2
F3:           2
F1:           3
Fz:           1
F2:           2
F4:           1
F6:           2
F8:           3
FT9:          2
FT7:          3
FC5:          3
FC3:          2
FC1:          3
FCz:          3
FC2:          1
FC4:          2
FC6:          2
FT8:          1
FT10:         1
T7:           2
C5:           3
C3:           2
C1:           1
C2:           2
C4:           0
C6:           2
T8:           1
TP9:          1
TP7:          1
CP5:          2
CP3:          1
CP1:          1
CPz:          2
CP2:          3
CP4:          3
CP6:          0
TP8:          1
TP10:         3
P7:           2
P5:           3
P3:           2
P1:           3
Pz:           1
P2:           1
P4:           0
P6:           0
P8:           2
PO3:          0
POz:          3
PO4:          1
O1:           2
Oz:           1
O2:           3
LO1:          3
IO1:          3
IO2:          2
LO2:          4
Ref:          4
Gnd:          0
